PATH
  remote: .
  specs:
    omniauth-bcrypt (0.1.0)

GEM
  remote: https://rubygems.org/
  specs:
    ansi (1.5.0)
    builder (3.2.4)
    debase (0.2.4.1)
      debase-ruby_core_source (>= 0.10.2)
    debase-ruby_core_source (0.10.9)
    docile (1.3.2)
    minitest (5.14.0)
    minitest-reporters (1.4.2)
      ansi
      builder
      minitest (>= 5.0)
      ruby-progressbar
    rake (13.0.1)
    ruby-progressbar (1.10.1)
    simplecov (0.18.5)
      docile (~> 1.1)
      simplecov-html (~> 0.11)
    simplecov-html (0.12.2)

PLATFORMS
  ruby

DEPENDENCIES
  debase (~> 0.2)
  minitest (~> 5.14)
  minitest-reporters (~> 1.4)
  omniauth-bcrypt!
  rake (~> 13.0)
  simplecov (~> 0.18)

BUNDLED WITH
   2.1.4
